GEM
  remote: https://rubygems.org/
  specs:
    thor (1.4.0)

PLATFORMS
  arm64-darwin-24
  ruby

DEPENDENCIES
  thor

BUNDLED WITH
   2.7.2
